PATH
  remote: .
  specs:
    classifieds_cli_app (0.1.1)
      nokogiri (~> 1.6)

GEM
  remote: https://rubygems.org/
  specs:
    coderay (1.1.1)
    method_source (0.8.2)
    mini_portile2 (2.6.1)
    nokogiri (1.12.5)
      mini_portile2 (~> 2.6.1)
      racc (~> 1.4)
    pry (0.10.4)
      coderay (~> 1.1.0)
      method_source (~> 0.8.1)
      slop (~> 3.4)
    racc (1.5.2)
    rake (10.4.2)
    slop (3.6.0)

PLATFORMS
  ruby

DEPENDENCIES
  bundler (~> 1.13)
  classifieds_cli_app!
  pry (~> 0)
  rake (~> 10.0)

BUNDLED WITH
   1.13.6
